GIT
  remote: https://github.com/CDLUC3/mrt-zk.git
  revision: 47fed161537977d368f99f138199e32697382e11
  ref: 47fed161537977d368f99f138199e32697382e11
  branch: main
  glob: src/main/ruby/*.gemspec
  specs:
    mrt-zk (1.0.1)
      zk (~> 1.10.0)
      zookeeper (~> 1.5.5)

GIT
  remote: https://github.com/CDLUC3/uc3-ssm.git
  revision: 9765a8d08d9103501e61905e7fa91088ea9c0d09
  branch: main
  specs:
    uc3-ssm (0.3.10)
      aws-sdk-ssm (~> 1.84)
      logger (~> 1.4)
      yaml (~> 0.2.1)

GEM
  remote: https://rubygems.org/
  specs:
    aws-eventstream (1.3.0)
    aws-partitions (1.913.0)
    aws-sdk-core (3.191.6)
      aws-eventstream (~> 1, >= 1.3.0)
      aws-partitions (~> 1, >= 1.651.0)
      aws-sigv4 (~> 1.8)
      jmespath (~> 1, >= 1.6.1)
    aws-sdk-ssm (1.166.0)
      aws-sdk-core (~> 3, >= 3.191.0)
      aws-sigv4 (~> 1.1)
    aws-sigv4 (1.8.0)
      aws-eventstream (~> 1, >= 1.0.2)
    jmespath (1.6.2)
    logger (1.6.0)
    yaml (0.2.1)
    zk (1.10.0)
      zookeeper (~> 1.5.0)
    zookeeper (1.5.5)

PLATFORMS
  x86_64-linux

DEPENDENCIES
  mrt-zk!
  uc3-ssm!

BUNDLED WITH
   2.3.25
